GEM
  remote: https://rubygems.org/
  specs:
    bourbon (4.2.7)
      sass (~> 3.4)
      thor (~> 0.19)
    coffee-script (2.4.1)
      coffee-script-source
      execjs
    coffee-script-source (1.12.2)
    execjs (2.7.0)
    ffi (1.9.18)
    haml (5.0.4)
      temple (>= 0.8.0)
      tilt
    rb-fsevent (0.10.2)
    rb-inotify (0.9.10)
      ffi (>= 0.5.0, < 2)
    sass (3.5.2)
      sass-listen (~> 4.0.0)
    sass-listen (4.0.0)
      rb-fsevent (~> 0.9, >= 0.9.4)
      rb-inotify (~> 0.9, >= 0.9.7)
    temple (0.8.0)
    thor (0.20.0)
    tilt (2.0.8)

PLATFORMS
  ruby

DEPENDENCIES
  bourbon (~> 4.2.7)
  coffee-script
  haml
  sass

BUNDLED WITH
   1.15.4
